PATH
  remote: .
  specs:
    coop_cli (0.0.1)
      httparty
      json

GEM
  remote: http://rubygems.org/
  specs:
    httparty (0.8.1)
      multi_json
      multi_xml
    json (1.6.5)
    multi_json (1.0.4)
    multi_xml (0.4.1)
    rake (0.9.2.2)
    rdoc (3.12)
      json (~> 1.4)

PLATFORMS
  ruby

DEPENDENCIES
  coop_cli!
  rake
  rdoc
